PATH
  remote: .
  specs:
    dgraphy (0.2.0)

GEM
  remote: https://rubygems.org/
  specs:
    httpclient (2.8.3)
    minitest (5.11.3)
    rake (10.5.0)

PLATFORMS
  ruby

DEPENDENCIES
  bundler (~> 1.17)
  dgraphy!
  httpclient (~> 2.8.3)
  minitest (~> 5.0)
  rake (~> 10.0)

BUNDLED WITH
   1.17.3
